GEM
  remote: https://rubygems.org/
  specs:
    nokogiri (1.5.6)
    rbx-require-relative (0.0.9)

PLATFORMS
  ruby

DEPENDENCIES
  nokogiri
  rbx-require-relative
